GEM
  remote: https://rubygems.org/
  specs:
    rake (0.9.6)
    stringex (1.4.0)

PLATFORMS
  ruby

DEPENDENCIES
  rake (~> 0.9)
  stringex (~> 1.4.0)
